PATH
  remote: .
  specs:
    ruby_tunes (0.4.4)
      launchy

GEM
  remote: https://rubygems.org/
  specs:
    addressable (2.7.0)
      public_suffix (>= 2.0.2, < 5.0)
    launchy (2.4.3)
      addressable (~> 2.3)
    public_suffix (4.0.1)
    rake (13.0.1)

PLATFORMS
  ruby

DEPENDENCIES
  bundler (~> 2.0)
  launchy (~> 2.4, >= 2.4.3)
  rake (~> 13.0)
  ruby_tunes!

BUNDLED WITH
   2.0.2
